GEM
  remote: https://rubygems.org/
  specs:
    asciidoctor (2.0.17)
    asciidoctor-epub3 (1.5.1)
      asciidoctor (>= 1.5.6, < 3.0.0)
      gepub (~> 1.0.0)
      mime-types (~> 3.0)
    curb (0.9.11)
    gepub (1.0.15)
      nokogiri (>= 1.8.2, < 2.0)
      rubyzip (> 1.1.1, < 2.4)
    mime-types (3.4.1)
      mime-types-data (~> 3.2015)
    mime-types-data (3.2022.0105)
    nokogiri (1.13.8-x86_64-darwin)
      racc (~> 1.4)
    racc (1.6.0)
    rubyzip (2.3.2)

PLATFORMS
  x86_64-darwin-21

DEPENDENCIES
  asciidoctor (~> 2.0, >= 2.0.17)
  asciidoctor-epub3 (~> 1.5, >= 1.5.1)
  curb (~> 0.9.3)
  rubyzip (~> 2.3, >= 2.3.2)

RUBY VERSION
   ruby 3.1.2p20

BUNDLED WITH
   2.3.10
